PATH
  remote: .
  specs:
    dtk-common (0.1.10)
      rugged (~> 0.19.0)

GEM
  remote: http://rubygems.org/
  specs:
    rugged (0.19.0)

PLATFORMS
  ruby

DEPENDENCIES
  dtk-common!
