PATH
  remote: .
  specs:
    dtk-common (0.11.0)
      colorize (~> 0.5.8)
      dtk-common-core (= 0.11.1)
      erubis (~> 2.7)
      gitlab-grit (~> 2.8)
      rugged (~> 0.17.0.b7)

GEM
  remote: http://rubygems.org/
  specs:
    charlock_holmes (0.7.3)
    colorize (0.5.8)
    diff-lcs (1.3)
    dtk-common-core (0.11.1)
      rest-client (= 1.6.7)
    erubis (2.7.0)
    gitlab-grit (2.8.1)
      charlock_holmes (~> 0.6)
      diff-lcs (~> 1.1)
      mime-types (>= 1.16, < 3)
      posix-spawn (~> 0.3)
    mime-types (2.99.3)
    posix-spawn (0.3.13)
    rest-client (1.6.7)
      mime-types (>= 1.16)
    rugged (0.17.0.b7)

PLATFORMS
  ruby

DEPENDENCIES
  dtk-common!

BUNDLED WITH
   1.15.1
