PATH
  remote: .
  specs:
    dtk-common (0.1.10)
      rugged (~> 0.17.0.b7)

GEM
  remote: http://rubygems.org/
  specs:
    rugged (0.17.0.b7)

PLATFORMS
  ruby

DEPENDENCIES
  dtk-common!
