PATH
  remote: .
  specs:
    dtk-common (0.11.0)
      colorize (~> 0.5.8)
      dtk-common-core (= 0.11.0)
      erubis (~> 2.7)
      grit (~> 2.5)
      rugged (~> 0.17.0.b7)

GEM
  remote: http://rubygems.org/
  specs:
    colorize (0.5.8)
    diff-lcs (1.3)
    dtk-common-core (0.11.0)
      rest-client (= 1.6.7)
    erubis (2.7.0)
    grit (2.5.0)
      diff-lcs (~> 1.1)
      mime-types (~> 1.15)
      posix-spawn (~> 0.3.6)
    mime-types (1.25.1)
    posix-spawn (0.3.13)
    rest-client (1.6.7)
      mime-types (>= 1.16)
    rugged (0.17.0.b7)

PLATFORMS
  ruby

DEPENDENCIES
  dtk-common!
